GEM
  remote: https://rubygems.org/
  specs:
    puma (3.9.1)
    rack (2.0.3)

PLATFORMS
  ruby

DEPENDENCIES
  puma!
  rack!

BUNDLED WITH
   1.13.4

